PATH
  remote: .
  specs:
    chilean_cities (0.1.0)

GEM
  remote: https://rubygems.org/
  specs:

PLATFORMS
  ruby

DEPENDENCIES
  chilean_cities!
